PATH
  remote: .
  specs:
    rack-saml (0.2.4)
      rack
      ruby-saml (~> 1.18.0)

GEM
  remote: http://rubygems.org/
  specs:
    diff-lcs (1.6.0)
    nokogiri (1.18.4-arm64-darwin)
      racc (~> 1.4)
    racc (1.8.1)
    rack (3.1.12)
    rack-test (2.2.0)
      rack (>= 1.3)
    rake (13.2.1)
    rexml (3.4.1)
    rspec (3.13.0)
      rspec-core (~> 3.13.0)
      rspec-expectations (~> 3.13.0)
      rspec-mocks (~> 3.13.0)
    rspec-core (3.13.3)
      rspec-support (~> 3.13.0)
    rspec-expectations (3.13.3)
      diff-lcs (>= 1.2.0, < 2.0)
      rspec-support (~> 3.13.0)
    rspec-mocks (3.13.2)
      diff-lcs (>= 1.2.0, < 2.0)
      rspec-support (~> 3.13.0)
    rspec-support (3.13.2)
    ruby-saml (1.18.0)
      nokogiri (>= 1.13.10)
      rexml

PLATFORMS
  arm64-darwin

DEPENDENCIES
  rack-saml!
  rack-test
  rake
  rspec

BUNDLED WITH
   2.6.6
